PATH
  remote: vendor/gems/devise_token_auth
  specs:
    devise_token_auth (0.1.43.beta1)
      devise (> 3.5.2, < 4.5)
      rails (< 6)

GEM
  remote: https://rubygems.org/
  specs:
    actionmailer (4.2.5)
      actionpack (= 4.2.5)
      actionview (= 4.2.5)
      activejob (= 4.2.5)
      mail (~> 2.5, >= 2.5.4)
      rails-dom-testing (~> 1.0, >= 1.0.5)
    actionpack (4.2.5)
      actionview (= 4.2.5)
      activesupport (= 4.2.5)
      rack (~> 1.6)
      rack-test (~> 0.6.2)
      rails-dom-testing (~> 1.0, >= 1.0.5)
      rails-html-sanitizer (~> 1.0, >= 1.0.2)
    actionview (4.2.5)
      activesupport (= 4.2.5)
      builder (~> 3.1)
      erubis (~> 2.7.0)
      rails-dom-testing (~> 1.0, >= 1.0.5)
      rails-html-sanitizer (~> 1.0, >= 1.0.2)
    activejob (4.2.5)
      activesupport (= 4.2.5)
      globalid (>= 0.3.0)
    activemodel (4.2.5)
      activesupport (= 4.2.5)
      builder (~> 3.1)
    activerecord (4.2.5)
      activemodel (= 4.2.5)
      activesupport (= 4.2.5)
      arel (~> 6.0)
    activesupport (4.2.5)
      i18n (~> 0.7)
      json (~> 1.7, >= 1.7.7)
      minitest (~> 5.1)
      thread_safe (~> 0.3, >= 0.3.4)
      tzinfo (~> 1.1)
    addressable (2.4.0)
    arel (6.0.4)
    ast (2.3.0)
    autoparse (0.3.3)
      addressable (>= 2.3.1)
      extlib (>= 0.9.15)
      multi_json (>= 1.0.0)
    awesome_print (1.8.0)
    aws-sdk (2.2.37)
      aws-sdk-resources (= 2.2.37)
    aws-sdk-core (2.2.37)
      jmespath (~> 1.0)
    aws-sdk-resources (2.2.37)
      aws-sdk-core (= 2.2.37)
    backports (3.6.7)
    bcrypt (3.1.11)
    better_errors (2.4.0)
      coderay (>= 1.0.0)
      erubi (>= 1.0.0)
      rack (>= 0.9.0)
    binding_of_caller (0.7.2)
      debug_inspector (>= 0.0.1)
    builder (3.2.3)
    byebug (9.1.0)
    capybara (2.5.0)
      mime-types (>= 1.16)
      nokogiri (>= 1.3.3)
      rack (>= 1.0.0)
      rack-test (>= 0.5.4)
      xpath (~> 2.0)
    carrierwave (1.2.3)
      activemodel (>= 4.0.0)
      activesupport (>= 4.0.0)
      mime-types (>= 1.16)
    celluloid (0.17.3)
      celluloid-essentials
      celluloid-extras
      celluloid-fsm
      celluloid-pool
      celluloid-supervision
      timers (>= 4.1.1)
    celluloid-essentials (0.20.5)
      timers (>= 4.1.1)
    celluloid-extras (0.20.5)
      timers (>= 4.1.1)
    celluloid-fsm (0.20.5)
      timers (>= 4.1.1)
    celluloid-pool (0.20.5)
      timers (>= 4.1.1)
    celluloid-supervision (0.20.6)
      timers (>= 4.1.1)
    clearbit (0.2.3)
      nestful (~> 1.1.0)
    coderay (1.1.2)
    coffee-rails (4.1.1)
      coffee-script (>= 2.2.0)
      railties (>= 4.0.0, < 5.1.x)
    coffee-script (2.4.1)
      coffee-script-source
      execjs
    coffee-script-source (1.10.0)
    concurrent-ruby (0.9.2)
    contracts (0.12.0)
    crack (0.4.3)
      safe_yaml (~> 1.0.0)
    crass (1.0.3)
    database_cleaner (1.6.2)
    ddtrace (0.13.0)
      msgpack
    debug_inspector (0.0.2)
    devise (3.5.10)
      bcrypt (~> 3.0)
      orm_adapter (~> 0.1)
      railties (>= 3.2.6, < 5)
      responders
      thread_safe (~> 0.1)
      warden (~> 1.2.3)
    devise_security_extension (0.10.0)
      devise (>= 3.0.0, < 4.0)
      railties (>= 3.2.6, < 5.0)
    diff-lcs (1.3)
    domain_name (0.5.25)
      unf (>= 0.0.5, < 1.0.0)
    dotenv (2.5.0)
    dotenv-rails (2.5.0)
      dotenv (= 2.5.0)
      railties (>= 3.2, < 6.0)
    erubi (1.7.0)
    erubis (2.7.0)
    excon (0.62.0)
    execjs (2.6.0)
    extlib (0.9.16)
    factory_girl (4.8.1)
      activesupport (>= 3.0.0)
    factory_girl_rails (4.8.0)
      factory_girl (~> 4.8.0)
      railties (>= 3.0.0)
    faker (1.9.1)
      i18n (>= 0.7)
    faraday (0.11.0)
      multipart-post (>= 1.2, < 3)
    fastimage (1.8.1)
      addressable (~> 2.3, >= 2.3.5)
    ffi (1.9.10)
    fog-aws (3.3.0)
      fog-core (~> 2.1)
      fog-json (~> 1.1)
      fog-xml (~> 0.1)
      ipaddress (~> 0.8)
    fog-core (2.1.2)
      builder
      excon (~> 0.58)
      formatador (~> 0.2)
      mime-types
    fog-json (1.2.0)
      fog-core
      multi_json (~> 1.10)
    fog-xml (0.1.3)
      fog-core
      nokogiri (>= 1.5.11, < 2.0.0)
    formatador (0.2.5)
    globalid (0.4.1)
      activesupport (>= 4.2.0)
    google-api-client (0.8.6)
      activesupport (>= 3.2)
      addressable (~> 2.3)
      autoparse (~> 0.3)
      extlib (~> 0.9)
      faraday (~> 0.9)
      googleauth (~> 0.3)
      launchy (~> 2.4)
      multi_json (~> 1.10)
      retriable (~> 1.4)
      signet (~> 0.6)
    google-drive (0.1.6b)
      google_drive (>= 0.3.8)
      middleman-core (>= 3.2.2)
      multipart-post (>= 1.2, < 3)
      oauth2 (>= 0.5.0)
      rack
    google_drive (1.0.5)
      google-api-client (>= 0.7.0, < 0.9)
      nokogiri (>= 1.4.4, != 1.5.2, != 1.5.1)
      oauth (>= 0.3.6)
      oauth2 (>= 0.5.0)
    googleauth (0.5.1)
      faraday (~> 0.9)
      jwt (~> 1.4)
      logging (~> 2.0)
      memoist (~> 0.12)
      multi_json (~> 1.11)
      os (~> 0.9)
      signet (~> 0.7)
    hamster (2.0.0)
      concurrent-ruby (~> 0.8)
    hashdiff (0.3.0)
    hashie (3.5.5)
    hirb (0.7.3)
    hitimes (1.3.0)
    http (1.0.2)
      addressable (~> 2.3)
      http-cookie (~> 1.0)
      http-form_data (~> 1.0.1)
      http_parser.rb (~> 0.6.0)
    http-cookie (1.0.2)
      domain_name (~> 0.5)
    http-form_data (1.0.1)
    http_parser.rb (0.6.0)
    i18n (0.7.0)
    interception (0.5)
    intercom (3.5.26)
    ipaddress (0.8.3)
    jbuilder (2.4.0)
      activesupport (>= 3.0.0, < 5.1)
      multi_json (~> 1.2)
    jmespath (1.2.4)
      json_pure (>= 1.8.1)
    jquery-rails (4.1.0)
      rails-dom-testing (~> 1.0)
      railties (>= 4.2.0)
      thor (>= 0.14, < 2.0)
    json (1.8.6)
    json_pure (1.8.3)
    json_spec (1.1.5)
      multi_json (~> 1.0)
      rspec (>= 2.0, < 4.0)
    jwt (1.5.6)
    launchy (2.4.3)
      addressable (~> 2.3)
    letter_opener (1.6.0)
      launchy (~> 2.2)
    letter_opener_web (1.3.3)
      actionmailer (>= 3.2)
      letter_opener (~> 1.0)
      railties (>= 3.2)
    listen (3.0.5)
      rb-fsevent (>= 0.9.3)
      rb-inotify (>= 0.9)
    little-plugger (1.1.4)
    logging (2.0.0)
      little-plugger (~> 1.1)
      multi_json (~> 1.10)
    loofah (2.1.1)
      crass (~> 1.0.2)
      nokogiri (>= 1.5.9)
    mail (2.7.0)
      mini_mime (>= 0.1.1)
    memoist (0.14.0)
    method_source (0.9.0)
    middleman-core (4.0.0)
      activesupport (~> 4.2)
      addressable (~> 2.4.0)
      backports (~> 3.6)
      bundler (~> 1.1)
      capybara (~> 2.5.0)
      contracts (~> 0.12.0)
      erubis
      execjs (~> 2.0)
      fastimage (~> 1.8)
      hamster (~> 2.0)
      hashie (~> 3.4)
      i18n (~> 0.7.0)
      listen (~> 3.0)
      padrino-helpers (~> 0.13.0)
      rack (>= 1.4.5, < 2.0)
      sass (>= 3.4)
      tilt (~> 1.4.1)
      uglifier (~> 2.6)
    mime-types (3.1)
      mime-types-data (~> 3.2015)
    mime-types-data (3.2016.0521)
    mini_mime (1.0.0)
    mini_portile2 (2.3.0)
    minitest (5.10.3)
    msgpack (1.2.4)
    multi_json (1.12.2)
    multi_xml (0.6.0)
    multipart-post (2.0.0)
    mysql2 (0.4.2)
    nestful (1.1.1)
    nokogiri (1.8.1)
      mini_portile2 (~> 2.3.0)
    oauth (0.4.7)
    oauth2 (1.3.1)
      faraday (>= 0.8, < 0.12)
      jwt (~> 1.0)
      multi_json (~> 1.3)
      multi_xml (~> 0.5)
      rack (>= 1.2, < 3)
    omniauth (1.6.1)
      hashie (>= 3.4.6, < 3.6.0)
      rack (>= 1.6.2, < 3)
    omniauth-facebook (4.0.0)
      omniauth-oauth2 (~> 1.2)
    omniauth-github (1.1.2)
      omniauth (~> 1.0)
      omniauth-oauth2 (~> 1.1)
    omniauth-google-oauth2 (0.4.1)
      jwt (~> 1.5.2)
      multi_json (~> 1.3)
      omniauth (>= 1.1.1)
      omniauth-oauth2 (>= 1.3.1)
    omniauth-linkedin-oauth2 (0.1.5)
      omniauth (~> 1.0)
      omniauth-oauth2
    omniauth-oauth (1.1.0)
      oauth
      omniauth (~> 1.0)
    omniauth-oauth2 (1.3.1)
      oauth2 (~> 1.0)
      omniauth (~> 1.2)
    omniauth-twitter (1.2.1)
      json (~> 1.3)
      omniauth-oauth (~> 1.1)
    orm_adapter (0.5.0)
    os (0.9.6)
    padrino-helpers (0.13.1)
      i18n (~> 0.6, >= 0.6.7)
      padrino-support (= 0.13.1)
      tilt (~> 1.4.1)
    padrino-support (0.13.1)
      activesupport (>= 3.1)
    parallel (1.12.0)
    parser (2.4.0.0)
      ast (~> 2.2)
    powerpack (0.1.1)
    pry (0.11.2)
      coderay (~> 1.1.0)
      method_source (~> 0.9.0)
    pry-byebug (3.5.0)
      byebug (~> 9.1)
      pry (~> 0.10)
    pry-rails (0.3.6)
      pry (>= 0.10.4)
    pry-rescue (1.4.5)
      interception (>= 0.5)
      pry
    puma (2.15.3)
    rack (1.6.8)
    rack-test (0.6.3)
      rack (>= 1.0)
    rails (4.2.5)
      actionmailer (= 4.2.5)
      actionpack (= 4.2.5)
      actionview (= 4.2.5)
      activejob (= 4.2.5)
      activemodel (= 4.2.5)
      activerecord (= 4.2.5)
      activesupport (= 4.2.5)
      bundler (>= 1.3.0, < 2.0)
      railties (= 4.2.5)
      sprockets-rails
    rails-deprecated_sanitizer (1.0.3)
      activesupport (>= 4.2.0.alpha)
    rails-dom-testing (1.0.8)
      activesupport (>= 4.2.0.beta, < 5.0)
      nokogiri (~> 1.6)
      rails-deprecated_sanitizer (>= 1.0.1)
    rails-html-sanitizer (1.0.3)
      loofah (~> 2.0)
    railties (4.2.5)
      actionpack (= 4.2.5)
      activesupport (= 4.2.5)
      rake (>= 0.8.7)
      thor (>= 0.18.1, < 2.0)
    rainbow (2.2.2)
      rake
    rake (12.3.0)
    rb-fsevent (0.9.7)
    rb-inotify (0.9.5)
      ffi (>= 0.5.0)
    rdoc (4.2.1)
      json (~> 1.4)
    responders (2.4.0)
      actionpack (>= 4.2.0, < 5.3)
      railties (>= 4.2.0, < 5.3)
    retriable (1.4.1)
    rspec (3.7.0)
      rspec-core (~> 3.7.0)
      rspec-expectations (~> 3.7.0)
      rspec-mocks (~> 3.7.0)
    rspec-core (3.7.0)
      rspec-support (~> 3.7.0)
    rspec-expectations (3.7.0)
      diff-lcs (>= 1.2.0, < 2.0)
      rspec-support (~> 3.7.0)
    rspec-mocks (3.7.0)
      diff-lcs (>= 1.2.0, < 2.0)
      rspec-support (~> 3.7.0)
    rspec-rails (3.7.2)
      actionpack (>= 3.0)
      activesupport (>= 3.0)
      railties (>= 3.0)
      rspec-core (~> 3.7.0)
      rspec-expectations (~> 3.7.0)
      rspec-mocks (~> 3.7.0)
      rspec-support (~> 3.7.0)
    rspec-support (3.7.0)
    rubocop (0.51.0)
      parallel (~> 1.10)
      parser (>= 2.3.3.1, < 3.0)
      powerpack (~> 0.1)
      rainbow (>= 2.2.2, < 3.0)
      ruby-progressbar (~> 1.7)
      unicode-display_width (~> 1.0, >= 1.0.1)
    ruby-progressbar (1.9.0)
    safe_yaml (1.0.4)
    sass (3.4.21)
    sass-rails (5.0.4)
      railties (>= 4.0.0, < 5.0)
      sass (~> 3.1)
      sprockets (>= 2.8, < 4.0)
      sprockets-rails (>= 2.0, < 4.0)
      tilt (>= 1.1, < 3)
    scss-lint (0.38.0)
      rainbow (~> 2.0)
      sass (~> 3.4.1)
    sdoc (0.4.1)
      json (~> 1.7, >= 1.7.7)
      rdoc (~> 4.0)
    signet (0.7.2)
      addressable (~> 2.3)
      faraday (~> 0.9)
      jwt (~> 1.5)
      multi_json (~> 1.10)
    spring (2.0.2)
      activesupport (>= 4.2)
    spring-commands-rspec (1.0.4)
      spring (>= 0.9.1)
    spring-watcher-listen (2.0.1)
      listen (>= 2.7, < 4.0)
      spring (>= 1.2, < 3.0)
    sprockets (3.4.1)
      rack (> 1, < 3)
    sprockets-rails (3.2.1)
      actionpack (>= 4.0)
      activesupport (>= 4.0)
      sprockets (>= 3.0.0)
    stripe (3.28.0)
      faraday (~> 0.10)
    sucker_punch (1.6.0)
      celluloid (~> 0.17.2)
    thor (0.20.0)
    thread_safe (0.3.6)
    tilt (1.4.1)
    timecop (0.9.1)
    timers (4.1.2)
      hitimes
    turbolinks (2.5.3)
      coffee-rails
    tzinfo (1.2.4)
      thread_safe (~> 0.1)
    uglifier (2.7.2)
      execjs (>= 0.3.0)
      json (>= 1.8.0)
    unf (0.1.4)
      unf_ext
    unf_ext (0.0.7.1)
    unicode-display_width (1.3.0)
    warden (1.2.7)
      rack (>= 1.0)
    web-console (2.2.1)
      activemodel (>= 4.0)
      binding_of_caller (>= 0.7.2)
      railties (>= 4.0)
      sprockets-rails (>= 2.0, < 4.0)
    webmock (2.0.0)
      addressable (>= 2.3.6)
      crack (>= 0.3.2)
      hashdiff
    wirble (0.1.3)
    xpath (2.0.0)
      nokogiri (~> 1.3)

PLATFORMS
  ruby

DEPENDENCIES
  awesome_print
  aws-sdk (~> 2)
  better_errors
  binding_of_caller
  carrierwave (~> 1.0)
  clearbit
  coffee-rails (~> 4.1.0)
  database_cleaner
  ddtrace
  devise (~> 3.5.10)
  devise_security_extension
  devise_token_auth!
  dotenv-rails
  factory_girl_rails (~> 4.8.0)
  faker
  fog-aws (~> 3.3)
  google-drive
  hirb
  http
  intercom (~> 3.5.25)
  jbuilder (~> 2.0)
  jquery-rails
  json_spec
  launchy
  letter_opener (~> 1.0)
  letter_opener_web (~> 1.0)
  mysql2 (>= 0.3.13, < 0.5)
  omniauth-facebook
  omniauth-github
  omniauth-google-oauth2
  omniauth-linkedin-oauth2
  omniauth-oauth2 (= 1.3.1)
  omniauth-twitter
  pry-byebug
  pry-rails
  pry-rescue
  puma
  rails (= 4.2.5)
  rspec-rails (~> 3.7.0)
  rubocop
  sass-rails (~> 5.0)
  scss-lint
  sdoc (~> 0.4.0)
  spring
  spring-commands-rspec
  spring-watcher-listen (~> 2.0.0)
  stripe
  sucker_punch (~> 1.6)
  timecop
  turbolinks
  uglifier (>= 1.3.0)
  web-console (~> 2.0)
  webmock
  wirble

BUNDLED WITH
   1.17.1
